GEM
  remote: https://rubygems.org/
  specs:
    docile (1.1.5)
    gtfs (0.2.5)
      multi_json
      rake
      rubyzip (~> 1.1)
    json (1.8.3)
    minitest (5.8.4)
    multi_json (1.11.2)
    rake (10.5.0)
    rubyzip (1.1.7)
    simplecov (0.11.2)
      docile (~> 1.1.0)
      json (~> 1.8)
      simplecov-html (~> 0.10.0)
    simplecov-html (0.10.0)

PLATFORMS
  ruby
  x64-mingw32

DEPENDENCIES
  gtfs
  minitest
  simplecov

BUNDLED WITH
   1.11.2
